GEM
  remote: http://rubygems.org/
  specs:
    activesupport (2.3.10)
    builder (3.0.0)
    colorize (0.5.8)
    columnize (0.3.2)
    daemons (1.1.4)
    eventmachine (0.12.10)
    excon (0.7.6)
    fog (1.0.0)
      builder
      excon (~> 0.7.3)
      formatador (~> 0.2.0)
      mime-types
      multi_json (~> 1.0.3)
      net-scp (~> 1.0.4)
      net-ssh (~> 2.1.4)
      nokogiri (~> 1.5.0)
      ruby-hmac
    formatador (0.2.1)
    gemedit (1.0.0)
    git (1.2.5)
    highline (1.6.1)
    i18n (0.5.0)
    jeweler (1.5.2)
      bundler (~> 1.0.0)
      git (>= 1.2.5)
      rake
    json (1.5.1)
    linecache (0.43)
    mime-types (1.16)
    multi_json (1.0.3)
    net-scp (1.0.4)
      net-ssh (>= 1.99.1)
    net-ssh (2.1.4)
    nokogiri (1.5.0)
    rack (1.3.4)
    rack-protection (1.1.4)
      rack
    rake (0.8.7)
    rest_connection (0.1.0)
      activesupport (= 2.3.10)
      highline
      json
      net-ssh (= 2.1.4)
    right_popen (1.0.11)
      eventmachine (>= 0.12.10)
    ruby-debug (0.10.4)
      columnize (>= 0.1)
      ruby-debug-base (~> 0.10.4.0)
    ruby-debug-base (0.10.4)
      linecache (>= 0.3)
    ruby-hmac (0.4.0)
    sinatra (1.3.1)
      rack (~> 1.3, >= 1.3.4)
      rack-protection (~> 1.1, >= 1.1.2)
      tilt (~> 1.3, >= 1.3.3)
    tilt (1.3.3)
    trollop (1.16.2)

PLATFORMS
  ruby

DEPENDENCIES
  bundler
  colorize
  daemons
  eventmachine (= 0.12.10)
  fog (>= 1.0)
  gemedit
  highline
  i18n
  jeweler
  json
  rest_connection (>= 0.1)
  right_popen (= 1.0.11)
  ruby-debug
  sinatra
  trollop
