GEM
  remote: http://rubygems.org/
  specs:
    activesupport (3.0.6)
    builder (3.0.0)
    columnize (0.3.2)
    diff-lcs (1.1.2)
    eventmachine (0.12.10)
    excon (0.6.2)
    fog (0.7.2)
      builder
      excon (>= 0.6.1)
      formatador (>= 0.1.3)
      json
      mime-types
      net-ssh (>= 2.1.3)
      nokogiri (>= 1.4.4)
      ruby-hmac
    formatador (0.1.3)
    gemedit (1.0.0)
    git (1.2.5)
    highline (1.6.1)
    i18n (0.5.0)
    jeweler (1.5.2)
      bundler (~> 1.0.0)
      git (>= 1.2.5)
      rake
    json (1.5.1)
    linecache (0.43)
    mime-types (1.16)
    net-ssh (2.1.4)
    nokogiri (1.4.4)
    rake (0.8.7)
    rest_connection (0.0.99999)
      activesupport
      json
      net-ssh
    right_popen (1.0.11)
      eventmachine (>= 0.12.10)
    rspec (2.5.0)
      rspec-core (~> 2.5.0)
      rspec-expectations (~> 2.5.0)
      rspec-mocks (~> 2.5.0)
    rspec-core (2.5.1)
    rspec-expectations (2.5.0)
      diff-lcs (~> 1.1.2)
    rspec-mocks (2.5.0)
    ruby-debug (0.10.4)
      columnize (>= 0.1)
      ruby-debug-base (~> 0.10.4.0)
    ruby-debug-base (0.10.4)
      linecache (>= 0.3)
    ruby-hmac (0.4.0)
    trollop (1.16.2)

PLATFORMS
  ruby

DEPENDENCIES
  eventmachine
  fog
  gemedit
  highline
  i18n
  jeweler
  json
  rest_connection
  right_popen
  rspec (>= 1.2.9)
  ruby-debug
  trollop
