GEM
  remote: http://rubygems.org/
  specs:
    ParseTree (3.0.8)
      RubyInline (>= 3.7.0)
      sexp_processor (>= 3.0.0)
    RubyInline (3.11.1)
      ZenTest (~> 4.3)
    ZenTest (4.6.2)
    activesupport (2.3.10)
    algorithms (0.3.0)
    builder (3.0.0)
    chronic (0.6.7)
    colorize (0.5.8)
    columnize (0.3.2)
    commonjs (0.2.0)
      therubyracer (~> 0.9.9)
    cronedit (0.3.0)
    daemons (1.1.4)
    elif (0.1.0)
    eventmachine (0.12.10)
    excon (0.7.6)
    faraday (0.8.0)
      multipart-post (~> 1.1)
    fog (1.0.0)
      builder
      excon (~> 0.7.3)
      formatador (~> 0.2.0)
      mime-types
      multi_json (~> 1.0.3)
      net-scp (~> 1.0.4)
      net-ssh (~> 2.1.4)
      nokogiri (~> 1.5.0)
      ruby-hmac
    formatador (0.2.1)
    gemedit (1.0.0)
    git (1.2.5)
    google_drive (0.3.0)
      nokogiri (>= 1.4.4, != 1.5.2, != 1.5.1)
      oauth (>= 0.3.6)
      oauth2 (>= 0.5.0)
    highline (1.6.1)
    httpauth (0.1)
    i18n (0.5.0)
    jeweler (1.5.2)
      bundler (~> 1.0.0)
      git (>= 1.2.5)
      rake
    json (1.5.1)
    less (2.0.8)
      commonjs (~> 0.2.0)
      therubyracer (~> 0.9.9)
    libv8 (3.3.10.4)
    linecache (0.43)
    mail (2.4.4)
      i18n (>= 0.4.0)
      mime-types (~> 1.16)
      treetop (~> 1.4.8)
    mime-types (1.16)
    multi_json (1.0.3)
    multipart-post (1.1.5)
    net-scp (1.0.4)
      net-ssh (>= 1.99.1)
    net-ssh (2.1.4)
    nokogiri (1.5.0)
    oauth (0.4.6)
    oauth2 (0.6.0)
      faraday (~> 0.7)
      httpauth (~> 0.1)
      multi_json (~> 1.0)
    polyglot (0.3.3)
    rack (1.3.4)
    rack-protection (1.1.4)
      rack
    rack-ssl (1.3.2)
      rack
    rake (0.8.7)
    rest-client (1.6.7)
      mime-types (>= 1.16)
    rest_connection (0.1.0)
      activesupport (= 2.3.10)
      highline
      json
      net-ssh (= 2.1.4)
    right_popen (1.0.11)
      eventmachine (>= 0.12.10)
    ruby-debug (0.10.4)
      columnize (>= 0.1)
      ruby-debug-base (~> 0.10.4.0)
    ruby-debug-base (0.10.4)
      linecache (>= 0.3)
    ruby-hmac (0.4.0)
    ruby2ruby (1.3.1)
      ruby_parser (~> 2.0)
      sexp_processor (~> 3.0)
    ruby_parser (2.3.1)
      sexp_processor (~> 3.0)
    sexp_processor (3.0.10)
    sinatra (1.3.1)
      rack (~> 1.3, >= 1.3.4)
      rack-protection (~> 1.1, >= 1.1.2)
      tilt (~> 1.3, >= 1.3.3)
    system_timer (1.2.4)
    terminal-table (1.4.5)
    therubyracer (0.9.9)
      libv8 (~> 3.3.10)
    thin (1.2.11)
      daemons (>= 1.0.9)
      eventmachine (>= 0.12.6)
      rack (>= 1.0.0)
    tilt (1.3.3)
    treetop (1.4.10)
      polyglot
      polyglot (>= 0.3.1)
    trollop (1.16.2)
    tzinfo (0.3.33)

PLATFORMS
  ruby

DEPENDENCIES
  ParseTree
  algorithms
  bundler
  chronic
  colorize
  cronedit
  daemons
  elif
  eventmachine (= 0.12.10)
  fog (>= 1.0)
  gemedit
  google_drive
  highline
  i18n
  jeweler
  json
  less
  mail
  rack-ssl
  rest-client
  rest_connection (>= 0.1)
  right_popen (= 1.0.11)
  ruby-debug
  ruby2ruby
  sinatra
  system_timer
  terminal-table
  thin
  trollop
  tzinfo
